GEM
  remote: http://rubygems.org/
  specs:
    andand (1.3.3)
    coderay (1.1.0)
    dotenv (2.1.0)
    eventmachine (1.0.9.1)
    faraday (0.9.2)
      multipart-post (>= 1.2, < 3)
    faraday_middleware (0.10.0)
      faraday (>= 0.7.4, < 0.10)
    faye-websocket (0.9.2)
      eventmachine (>= 0.12.0)
      websocket-driver (>= 0.5.1)
    gli (2.13.4)
    httparty (0.13.7)
      json (~> 1.8)
      multi_xml (>= 0.5.2)
    json (1.8.3)
    method_source (0.8.2)
    multi_xml (0.5.5)
    multipart-post (2.0.0)
    pry (0.10.3)
      coderay (~> 1.1.0)
      method_source (~> 0.8.1)
      slop (~> 3.4)
    rack (1.6.4)
    ruby-cache (0.3.0)
    slack-ruby-client (0.5.4)
      faraday
      faraday_middleware
      gli
      json
      websocket-driver
    slop (3.6.0)
    websocket-driver (0.6.3)
      websocket-extensions (>= 0.1.0)
    websocket-extensions (0.1.2)

PLATFORMS
  ruby

DEPENDENCIES
  andand
  dotenv
  eventmachine
  faye-websocket
  httparty
  pry
  rack
  ruby-cache
  slack-ruby-client

RUBY VERSION
   ruby 2.3.3p222

BUNDLED WITH
   1.13.7
